GEM
  remote: https://rubygems.org/
  specs:
    json (2.0.3)
    minitest (5.10.1)
    netrc (0.7.9)
    rake (12.0.0)
    rest_client (1.8.3)
      netrc (~> 0.7.7)
    rmagick (2.16.0)
    zip (2.0.2)

PLATFORMS
  ruby

DEPENDENCIES
  json
  minitest
  rake
  rest_client
  rmagick
  zip

BUNDLED WITH
   1.14.5
